GEM
  remote: http://rubygems.org/
  specs:
    bson (4.0.1)
    mongo (2.2.2)
      bson (~> 4.0)
    ruby-progressbar (1.7.5)
    rugged (0.23.3)

PLATFORMS
  ruby

DEPENDENCIES
  mongo
  ruby-progressbar
  rugged

BUNDLED WITH
   1.11.2
